GEM
  remote: http://rubygems.org/
  specs:
    RedCloth (4.2.7)
    columnize (0.3.2)
    daemons (1.1.2)
    git (1.2.5)
    jeweler (1.5.2)
      bundler (~> 1.0.0)
      git (>= 1.2.5)
      rake
    linecache (0.43)
    mediashelf-loggable (0.4.2)
    mocha (0.9.12)
    nokogiri (1.4.4)
    om (1.2.2)
      nokogiri (>= 1.4.2)
      om
    rake (0.8.7)
    rcov (0.9.9)
    rspec (1.3.1)
    ruby-debug (0.10.4)
      columnize (>= 0.1)
      ruby-debug-base (~> 0.10.4.0)
    ruby-debug-base (0.10.4)
      linecache (>= 0.3)
    stomp (1.1.8)
    xml-simple (1.0.15)
    yard (0.6.8)

PLATFORMS
  ruby

DEPENDENCIES
  RedCloth
  daemons
  jeweler
  mediashelf-loggable
  mocha
  nokogiri
  om (>= 1.0.0)
  rcov
  rspec (< 2.0.0)
  ruby-debug
  ruby-debug-base
  stomp
  xml-simple
  yard
