GEM
  remote: http://rubygems.org/
  specs:
    columnize (0.3.1)
    facets (2.9.0)
    linecache (0.43)
    mocha (0.9.9)
      rake
    nokogiri (1.4.3.1)
    om (1.0.0)
      facets
      nokogiri (>= 1.4.2)
    rake (0.8.7)
    rspec (1.3.1)
    ruby-debug (0.10.3)
      columnize (>= 0.1)
      ruby-debug-base (~> 0.10.3.0)
    ruby-debug-base (0.10.3)
      linecache (>= 0.3)
    solr-ruby (0.0.8)

PLATFORMS
  ruby

DEPENDENCIES
  mocha
  nokogiri
  om (>= 1.0.0)
  rspec (< 2.0.0)
  ruby-debug
  ruby-debug-base
  solr-ruby
