PATH
  remote: .
  specs:
    solrizer (1.1.2)
      daemons
      mediashelf-loggable (~> 0.4.7)
      nokogiri
      om (>= 1.4.0)
      stomp
      xml-simple

GEM
  remote: http://rubygems.org/
  specs:
    RedCloth (4.2.8)
    columnize (0.3.4)
    daemons (1.1.4)
    diff-lcs (1.1.3)
    linecache (0.46)
      rbx-require-relative (> 0.0.4)
    mediashelf-loggable (0.4.9)
    metaclass (0.0.1)
    mocha (0.10.0)
      metaclass (~> 0.0.1)
    nokogiri (1.5.0)
    om (1.4.3)
      mediashelf-loggable
      nokogiri (>= 1.4.2)
    rbx-require-relative (0.0.5)
    rcov (0.9.10)
    rspec (2.7.0)
      rspec-core (~> 2.7.0)
      rspec-expectations (~> 2.7.0)
      rspec-mocks (~> 2.7.0)
    rspec-core (2.7.1)
    rspec-expectations (2.7.0)
      diff-lcs (~> 1.1.2)
    rspec-mocks (2.7.0)
    ruby-debug (0.10.4)
      columnize (>= 0.1)
      ruby-debug-base (~> 0.10.4.0)
    ruby-debug-base (0.10.4)
      linecache (>= 0.3)
    stomp (1.1.10)
    xml-simple (1.1.1)
    yard (0.7.2)

PLATFORMS
  ruby

DEPENDENCIES
  RedCloth
  mocha
  rcov
  rspec (~> 2.0)
  ruby-debug
  ruby-debug-base
  solrizer!
  yard
